PATH
  remote: .
  specs:
    assal_enterprise_data (0.0.1)
      rake (~> 10.1)
      sequel (= 4.8.0)

GEM
  remote: https://rubygems.org/
  specs:
    database_cleaner (1.2.0)
    diff-lcs (1.2.5)
    docile (1.1.5)
    multi_json (1.10.1)
    rake (10.3.2)
    rspec (2.14.1)
      rspec-core (~> 2.14.0)
      rspec-expectations (~> 2.14.0)
      rspec-mocks (~> 2.14.0)
    rspec-core (2.14.8)
    rspec-expectations (2.14.5)
      diff-lcs (>= 1.1.3, < 2.0)
    rspec-extra-formatters (0.4)
    rspec-mocks (2.14.6)
    sequel (4.8.0)
    simplecov (0.8.2)
      docile (~> 1.1.0)
      multi_json
      simplecov-html (~> 0.8.0)
    simplecov-html (0.8.0)
    simplecov-rcov (0.2.3)
      simplecov (>= 0.4.1)
    sqlite3 (1.3.9)

PLATFORMS
  ruby

DEPENDENCIES
  assal_enterprise_data!
  database_cleaner (~> 1.2.0)
  rspec (~> 2.14.1)
  rspec-extra-formatters (~> 0.4)
  simplecov (~> 0.8.2)
  simplecov-rcov (~> 0.2.3)
  sqlite3 (~> 1.3.9)
